GEM
  remote: https://rubygems.org/
  specs:
    minitest (5.16.3)

PLATFORMS
  x86_64-linux

DEPENDENCIES
  minitest

RUBY VERSION
   ruby 3.1.2p20

BUNDLED WITH
   2.3.7
